GEM
  remote: https://rubygems.org/
  specs:
    activesupport (5.2.3)
      concurrent-ruby (~> 1.0, >= 1.0.2)
      i18n (>= 0.7, < 2)
      minitest (~> 5.1)
      tzinfo (~> 1.1)
    builder (2.1.2)
    concurrent-ruby (1.1.5)
    diff-lcs (1.1.2)
    i18n (1.6.0)
      concurrent-ruby (~> 1.0)
    minitest (5.11.3)
    rr (0.8.1)
    rspec (1.3.0)
    sequel (3.1.0)
    sqlite3 (1.3.9)
    thread_safe (0.3.6)
    tzinfo (1.2.5)
      thread_safe (~> 0.1)
    xml-simple (1.0.12)

PLATFORMS
  ruby

DEPENDENCIES
  activesupport (>= 4.1.11)
  builder (= 2.1.2)
  diff-lcs (= 1.1.2)
  rr (= 0.8.1)
  rspec (= 1.3.0)
  sequel (= 3.1.0)
  sqlite3
  xml-simple (= 1.0.12)

BUNDLED WITH
   1.17.1
