GEM
  remote: https://rubygems.org/
  specs:
    activesupport (2.2.2)
    backports (3.6.3)
    builder (2.1.2)
    diff-lcs (1.1.2)
    rr (0.8.1)
    rspec (1.3.0)
    sequel (3.1.0)
    sqlite3 (1.3.9)
    xml-simple (1.0.12)

PLATFORMS
  ruby

DEPENDENCIES
  activesupport (= 2.2.2)
  backports
  builder (= 2.1.2)
  diff-lcs (= 1.1.2)
  rr (= 0.8.1)
  rspec (= 1.3.0)
  sequel (= 3.1.0)
  sqlite3
  xml-simple (= 1.0.12)
